GEM
  remote: https://rubygems.org/
  specs:
    rack (2.0.6)
    rack-app (7.5.2)
      rack
    slim (4.0.1)
      temple (>= 0.7.6, < 0.9)
      tilt (>= 2.0.6, < 2.1)
    temple (0.8.0)
    tilt (2.0.9)

PLATFORMS
  ruby

DEPENDENCIES
  rack-app
  slim

BUNDLED WITH
   1.17.1
